GEM
  remote: https://rubygems.org/
  specs:
    awesome_print (1.9.2)
    zeitwerk (2.6.9)

PLATFORMS
  arm64-darwin-22

DEPENDENCIES
  awesome_print (~> 1.9)
  zeitwerk (~> 2.6)

BUNDLED WITH
   2.4.17
